GEM
  remote: https://rubygems.org/
  specs:
    addressable (2.8.7)
      public_suffix (>= 2.0.2, < 7.0)
    autoprefixer-rails (10.4.19.0)
      execjs (~> 2)
    base64 (0.2.0)
    bigdecimal (3.1.9)
    bootstrap (5.3.3)
      autoprefixer-rails (>= 9.1.0)
      popper_js (>= 2.11.8, < 3)
    colorator (1.1.0)
    concurrent-ruby (1.3.5)
    csv (3.3.2)
    em-websocket (0.5.3)
      eventmachine (>= 0.12.9)
      http_parser.rb (~> 0)
    ethon (0.16.0)
      ffi (>= 1.15.0)
    eventmachine (1.2.7)
    execjs (2.10.0)
    ffi (1.17.1-aarch64-linux-gnu)
    ffi (1.17.1-aarch64-linux-musl)
    ffi (1.17.1-arm-linux-gnu)
    ffi (1.17.1-arm-linux-musl)
    ffi (1.17.1-arm64-darwin)
    ffi (1.17.1-x86-linux-gnu)
    ffi (1.17.1-x86-linux-musl)
    ffi (1.17.1-x86_64-darwin)
    ffi (1.17.1-x86_64-linux-gnu)
    ffi (1.17.1-x86_64-linux-musl)
    forwardable-extended (2.6.0)
    google-protobuf (4.29.3)
      bigdecimal
      rake (>= 13)
    google-protobuf (4.29.3-aarch64-linux)
      bigdecimal
      rake (>= 13)
    google-protobuf (4.29.3-arm64-darwin)
      bigdecimal
      rake (>= 13)
    google-protobuf (4.29.3-x86-linux)
      bigdecimal
      rake (>= 13)
    google-protobuf (4.29.3-x86_64-darwin)
      bigdecimal
      rake (>= 13)
    google-protobuf (4.29.3-x86_64-linux)
      bigdecimal
      rake (>= 13)
    html-proofer (4.4.3)
      addressable (~> 2.3)
      mercenary (~> 0.3)
      nokogiri (~> 1.13)
      parallel (~> 1.10)
      rainbow (~> 3.0)
      typhoeus (~> 1.3)
      yell (~> 2.0)
      zeitwerk (~> 2.5)
    http_parser.rb (0.8.0)
    i18n (1.14.7)
      concurrent-ruby (~> 1.0)
    jekyll (4.4.1)
      addressable (~> 2.4)
      base64 (~> 0.2)
      colorator (~> 1.0)
      csv (~> 3.0)
      em-websocket (~> 0.5)
      i18n (~> 1.0)
      jekyll-sass-converter (>= 2.0, < 4.0)
      jekyll-watch (~> 2.0)
      json (~> 2.6)
      kramdown (~> 2.3, >= 2.3.1)
      kramdown-parser-gfm (~> 1.0)
      liquid (~> 4.0)
      mercenary (~> 0.3, >= 0.3.6)
      pathutil (~> 0.9)
      rouge (>= 3.0, < 5.0)
      safe_yaml (~> 1.0)
      terminal-table (>= 1.8, < 4.0)
      webrick (~> 1.7)
    jekyll-paginate (1.1.0)
    jekyll-sass-converter (3.1.0)
      sass-embedded (~> 1.75)
    jekyll-watch (2.2.1)
      listen (~> 3.0)
    json (2.9.1)
    kramdown (2.5.1)
      rexml (>= 3.3.9)
    kramdown-parser-gfm (1.1.0)
      kramdown (~> 2.0)
    liquid (4.0.4)
    listen (3.9.0)
      rb-fsevent (~> 0.10, >= 0.10.3)
      rb-inotify (~> 0.9, >= 0.9.10)
    logger (1.6.6)
    mercenary (0.4.0)
    mini_portile2 (2.8.8)
    nokogiri (1.18.3)
      mini_portile2 (~> 2.8.2)
      racc (~> 1.4)
    nokogiri (1.18.3-aarch64-linux-gnu)
      racc (~> 1.4)
    nokogiri (1.18.3-aarch64-linux-musl)
      racc (~> 1.4)
    nokogiri (1.18.3-arm-linux-gnu)
      racc (~> 1.4)
    nokogiri (1.18.3-arm-linux-musl)
      racc (~> 1.4)
    nokogiri (1.18.3-arm64-darwin)
      racc (~> 1.4)
    nokogiri (1.18.3-x86_64-darwin)
      racc (~> 1.4)
    nokogiri (1.18.3-x86_64-linux-gnu)
      racc (~> 1.4)
    nokogiri (1.18.3-x86_64-linux-musl)
      racc (~> 1.4)
    parallel (1.26.3)
    pathutil (0.16.2)
      forwardable-extended (~> 2.6)
    popper_js (2.11.8)
    public_suffix (6.0.1)
    racc (1.8.1)
    rainbow (3.1.1)
    rake (13.2.1)
    rb-fsevent (0.11.2)
    rb-inotify (0.11.1)
      ffi (~> 1.0)
    rexml (3.4.0)
    rouge (4.5.1)
    safe_yaml (1.0.5)
    sass-embedded (1.83.4)
      google-protobuf (~> 4.29)
      rake (>= 13)
    sass-embedded (1.83.4-aarch64-linux-gnu)
      google-protobuf (~> 4.29)
    sass-embedded (1.83.4-aarch64-linux-musl)
      google-protobuf (~> 4.29)
    sass-embedded (1.83.4-arm-linux-gnueabihf)
      google-protobuf (~> 4.29)
    sass-embedded (1.83.4-arm-linux-musleabihf)
      google-protobuf (~> 4.29)
    sass-embedded (1.83.4-arm64-darwin)
      google-protobuf (~> 4.29)
    sass-embedded (1.83.4-x86_64-darwin)
      google-protobuf (~> 4.29)
    sass-embedded (1.83.4-x86_64-linux-gnu)
      google-protobuf (~> 4.29)
    sass-embedded (1.83.4-x86_64-linux-musl)
      google-protobuf (~> 4.29)
    terminal-table (3.0.2)
      unicode-display_width (>= 1.1.1, < 3)
    typhoeus (1.4.1)
      ethon (>= 0.9.0)
    unicode-display_width (2.6.0)
    webrick (1.9.1)
    yell (2.2.2)
    zeitwerk (2.7.1)

PLATFORMS
  aarch64-linux
  aarch64-linux-gnu
  aarch64-linux-musl
  arm-linux
  arm-linux-gnueabihf
  arm-linux-musleabihf
  arm64-darwin
  x86-linux
  x86-linux-gnu
  x86-linux-musl
  x86_64-darwin
  x86_64-linux-gnu
  x86_64-linux-musl

DEPENDENCIES
  base64
  bootstrap (~> 5.3)
  csv
  execjs
  html-proofer (~> 4.4)
  jekyll (~> 4.4)
  jekyll-paginate
  logger
  popper_js (~> 2.11)

BUNDLED WITH
   2.5.4
